PATH
  remote: .
  specs:
    finger (0.0.2)
      octopi (~> 0.3.0)

GEM
  remote: http://rubygems.org/
  specs:
    api_cache (0.2.0)
    aruba (0.2.6)
      background_process
      cucumber (~> 0.9.4)
    background_process (1.2)
    builder (2.1.2)
    columnize (0.3.2)
    crack (0.1.8)
    cucumber (0.9.4)
      builder (~> 2.1.2)
      diff-lcs (~> 1.1.2)
      gherkin (~> 2.2.9)
      json (~> 1.4.6)
      term-ansicolor (~> 1.0.5)
    diff-lcs (1.1.2)
    gherkin (2.2.9)
      json (~> 1.4.6)
      term-ansicolor (~> 1.0.5)
    httparty (0.6.1)
      crack (= 0.1.8)
    json (1.4.6)
    linecache (0.43)
    mechanize (1.0.0)
      nokogiri (>= 1.2.1)
    nokogiri (1.4.4)
    octopi (0.3.0)
      api_cache
      httparty (>= 0.4.5)
      mechanize (>= 0.9.3)
      nokogiri (>= 1.3.1)
    rspec (2.1.0)
      rspec-core (~> 2.1.0)
      rspec-expectations (~> 2.1.0)
      rspec-mocks (~> 2.1.0)
    rspec-core (2.1.0)
    rspec-expectations (2.1.0)
      diff-lcs (~> 1.1.2)
    rspec-mocks (2.1.0)
    ruby-debug (0.10.4)
      columnize (>= 0.1)
      ruby-debug-base (~> 0.10.4.0)
    ruby-debug-base (0.10.4)
      linecache (>= 0.3)
    term-ansicolor (1.0.5)

PLATFORMS
  ruby

DEPENDENCIES
  aruba
  cucumber
  finger!
  octopi (~> 0.3.0)
  rspec
  ruby-debug
